GEM
  remote: https://rubygems.org/
  specs:
    addressable (2.3.3)
    faraday (0.8.6)
      multipart-post (~> 1.1)
    faraday_middleware (0.9.0)
      faraday (>= 0.7.4, < 0.9)
    hashie (2.0.5)
    httpauth (0.2.0)
    jwt (0.1.8)
      multi_json (>= 1.5)
    multi_json (1.6.1)
    multipart-post (1.2.0)
    netrc (0.7.7)
    oauth (0.4.7)
    oauth2 (0.8.1)
      faraday (~> 0.8)
      httpauth (~> 0.1)
      jwt (~> 0.1.4)
      multi_json (~> 1.0)
      rack (~> 1.2)
    octokit (1.24.0)
      addressable (~> 2.2)
      faraday (~> 0.8)
      faraday_middleware (~> 0.9)
      hashie (~> 2.0)
      multi_json (~> 1.3)
      netrc (~> 0.7.7)
    omniauth (1.1.4)
      hashie (>= 1.2, < 3)
      rack
    omniauth-github (1.1.0)
      omniauth (~> 1.0)
      omniauth-oauth2 (~> 1.1)
    omniauth-jira (0.1.0)
      multi_json (~> 1.3)
      oauth
      omniauth (~> 1.0)
      omniauth-oauth (~> 1.0)
    omniauth-oauth (1.0.1)
      oauth
      omniauth (~> 1.0)
    omniauth-oauth2 (1.1.1)
      oauth2 (~> 0.8.0)
      omniauth (~> 1.0)
    open4 (1.3.0)
    rack (1.5.2)
    rack-protection (1.5.0)
      rack
    sinatra (1.3.6)
      rack (~> 1.4)
      rack-protection (~> 1.3)
      tilt (~> 1.3, >= 1.3.3)
    tilt (1.4.1)

PLATFORMS
  ruby

DEPENDENCIES
  octokit
  omniauth-github
  omniauth-jira
  open4 (~> 1.3.0)
  sinatra (~> 1.3.6)
